GEM
  remote: https://rubygems.org/
  specs:
    console (1.16.2)
      fiber-local
    curses (1.4.4)
    fiber-local (1.0.0)

PLATFORMS
  x86_64-linux

DEPENDENCIES
  console
  curses (~> 1.4)

BUNDLED WITH
   2.4.13
